GEM
  remote: https://rubygems.org/
  specs:
    coderay (1.1.3)
    maxitest (5.4.0)
      minitest (>= 5.14.0, < 5.21.0)
    method_source (1.0.0)
    minitest (5.20.0)
    pry (0.14.2)
      coderay (~> 1.1)
      method_source (~> 1.0)

PLATFORMS
  x86_64-darwin-21

DEPENDENCIES
  maxitest (~> 5.4)
  pry

BUNDLED WITH
   2.4.10
